PATH
  remote: .
  specs:
    dynect_rest (0.4.4.beta)
      json
      rest-client

GEM
  remote: http://rubygems.org/
  specs:
    diff-lcs (1.2.4)
    json (1.8.0)
    mime-types (1.24)
    rake (10.1.0)
    rest-client (1.6.7)
      mime-types (>= 1.16)
    rspec (2.14.1)
      rspec-core (~> 2.14.0)
      rspec-expectations (~> 2.14.0)
      rspec-mocks (~> 2.14.0)
    rspec-core (2.14.5)
    rspec-expectations (2.14.2)
      diff-lcs (>= 1.1.3, < 2.0)
    rspec-mocks (2.14.3)
    yard (0.8.7)

PLATFORMS
  ruby

DEPENDENCIES
  dynect_rest!
  rake
  rspec (>= 2.10.0)
  yard
