GEM
  remote: http://rubygems.org/
  specs:
    diff-lcs (1.2.4)
    git (1.2.5)
    jeweler (1.6.2)
      bundler (~> 1.0)
      git (>= 1.2.5)
      rake
    json (1.5.1)
    mime-types (1.16)
    rake (0.9.1)
    rest-client (1.6.3)
      mime-types (>= 1.16)
    rspec (2.14.1)
      rspec-core (~> 2.14.0)
      rspec-expectations (~> 2.14.0)
      rspec-mocks (~> 2.14.0)
    rspec-core (2.14.5)
    rspec-expectations (2.14.2)
      diff-lcs (>= 1.1.3, < 2.0)
    rspec-mocks (2.14.3)
    yard (0.7.1)

PLATFORMS
  ruby

DEPENDENCIES
  jeweler
  json
  rake
  rest-client
  rspec (>= 2.10.0)
  yard
