GEM
  remote: http://rubygems.org/
  specs:
    diff-lcs (1.1.2)
    json (1.5.1)
    mime-types (1.16)
    rake (0.9.1)
    rest-client (1.6.3)
      mime-types (>= 1.16)
    rspec (2.0.1)
      rspec-core (~> 2.0.1)
      rspec-expectations (~> 2.0.1)
      rspec-mocks (~> 2.0.1)
    rspec-core (2.0.1)
    rspec-expectations (2.0.1)
      diff-lcs (>= 1.1.2)
    rspec-mocks (2.0.1)
      rspec-core (~> 2.0.1)
      rspec-expectations (~> 2.0.1)
    yard (0.7.1)

PLATFORMS
  ruby

DEPENDENCIES
  json
  rake
  rest-client
  rspec (~> 2.0.0)
  yard
